PATH
  remote: .
  specs:
    command-cacheable (0.1.0)

GEM
  remote: https://rubygems.org/
  specs:
    logue (1.0.8)
      rainbow (~> 2.0, >= 2.0.0)
    paramesan (0.1.1)
    power_assert (1.1.1)
    rainbow (2.2.2)
      rake
    rake (10.5.0)
    test-unit (3.2.6)
      power_assert

PLATFORMS
  ruby

DEPENDENCIES
  bundler (~> 1.16)
  command-cacheable!
  logue (~> 1.0)
  paramesan (~> 0.1.1)
  rake (~> 10.0)
  test-unit (~> 3.1)

BUNDLED WITH
   1.16.0
